PATH
  remote: .
  specs:
    TagoStripe (0.1.0.15)
      stripe

GEM
  remote: https://rubygems.org/
  specs:
    diff-lcs (1.5.1)
    rake (13.2.1)
    rspec (3.13.0)
      rspec-core (~> 3.13.0)
      rspec-expectations (~> 3.13.0)
      rspec-mocks (~> 3.13.0)
    rspec-core (3.13.0)
      rspec-support (~> 3.13.0)
    rspec-expectations (3.13.1)
      diff-lcs (>= 1.2.0, < 2.0)
      rspec-support (~> 3.13.0)
    rspec-mocks (3.13.1)
      diff-lcs (>= 1.2.0, < 2.0)
      rspec-support (~> 3.13.0)
    rspec-support (3.13.1)
    stripe (12.3.0)

PLATFORMS
  ruby
  x86_64-darwin-22

DEPENDENCIES
  TagoStripe!
  rake (~> 13.0)
  rspec
  stripe

BUNDLED WITH
   2.5.13
